PATH
  remote: .
  specs:
    tyrion (0.1.0)
      exif (~> 2.2.3)
      logging (~> 2.3.0logging)
      mini_exiftool_vendored (~> 9.2.7.v1)

GEM
  remote: https://rubygems.org/
  specs:
    ast (2.4.2)
    backport (1.2.0)
    benchmark (0.2.0)
    binding_ninja (0.2.3)
    coderay (1.1.3)
    debase (0.2.4.1)
      debase-ruby_core_source (>= 0.10.2)
    debase-ruby_core_source (0.10.14)
    diff-lcs (1.5.0)
    e2mmap (0.1.0)
    exif (2.2.3)
    jaro_winkler (1.5.4)
    kramdown (2.3.1)
      rexml
    kramdown-parser-gfm (1.1.0)
      kramdown (~> 2.0)
    little-plugger (1.1.4)
    logging (2.3.0)
      little-plugger (~> 1.1)
      multi_json (~> 1.14)
    mini_exiftool (2.10.2)
    mini_exiftool_vendored (9.2.7.v1)
      mini_exiftool (>= 1.6.0)
    mocha (1.13.0)
    multi_json (1.15.0)
    nokogiri (1.13.3-x86_64-linux)
      racc (~> 1.4)
    parallel (1.21.0)
    parser (3.1.1.0)
      ast (~> 2.4.1)
    proc_to_ast (0.1.0)
      coderay
      parser
      unparser
    racc (1.6.0)
    rainbow (3.1.1)
    rake (13.0.6)
    regexp_parser (2.2.1)
    reverse_markdown (2.1.1)
      nokogiri
    rexml (3.2.5)
    rspec (3.11.0)
      rspec-core (~> 3.11.0)
      rspec-expectations (~> 3.11.0)
      rspec-mocks (~> 3.11.0)
    rspec-core (3.11.0)
      rspec-support (~> 3.11.0)
    rspec-expectations (3.11.0)
      diff-lcs (>= 1.2.0, < 2.0)
      rspec-support (~> 3.11.0)
    rspec-mocks (3.11.0)
      diff-lcs (>= 1.2.0, < 2.0)
      rspec-support (~> 3.11.0)
    rspec-parameterized (0.5.1)
      binding_ninja (>= 0.2.3)
      parser
      proc_to_ast
      rspec (>= 2.13, < 4)
      unparser
    rspec-support (3.11.0)
    rubocop (1.26.0)
      parallel (~> 1.10)
      parser (>= 3.1.0.0)
      rainbow (>= 2.2.2, < 4.0)
      regexp_parser (>= 1.8, < 3.0)
      rexml
      rubocop-ast (>= 1.16.0, < 2.0)
      ruby-progressbar (~> 1.7)
      unicode-display_width (>= 1.4.0, < 3.0)
    rubocop-ast (1.16.0)
      parser (>= 3.1.1.0)
    rubocop-rspec (2.9.0)
      rubocop (~> 1.19)
    ruby-debug-ide (0.7.3)
      rake (>= 0.8.1)
    ruby-progressbar (1.11.0)
    solargraph (0.44.3)
      backport (~> 1.2)
      benchmark
      bundler (>= 1.17.2)
      diff-lcs (~> 1.4)
      e2mmap
      jaro_winkler (~> 1.5)
      kramdown (~> 2.3)
      kramdown-parser-gfm (~> 1.1)
      parser (~> 3.0)
      reverse_markdown (>= 1.0.5, < 3)
      rubocop (>= 0.52)
      thor (~> 1.0)
      tilt (~> 2.0)
      yard (~> 0.9, >= 0.9.24)
    thor (1.2.1)
    tilt (2.0.10)
    unicode-display_width (2.1.0)
    unparser (0.6.4)
      diff-lcs (~> 1.3)
      parser (>= 3.1.0)
    webrick (1.7.0)
    yard (0.9.27)
      webrick (~> 1.7.0)

PLATFORMS
  x86_64-linux

DEPENDENCIES
  debase (~> 0.2.4.1)
  mocha (~> 1.13.0)
  rake (~> 13.0)
  rspec (~> 3.0)
  rspec-core (~> 3.11.0)
  rspec-parameterized (~> 0.5.1)
  rubocop (~> 1.21)
  rubocop-rspec (~> 2.9.0)
  ruby-debug-ide (~> 0.7.3)
  solargraph (~> 0.44.3)
  tyrion!

BUNDLED WITH
   2.3.8
